GEM
  remote: http://rubygems.org/
  specs:
    activesupport (3.0.10)
    aws-s3 (0.6.2)
      builder
      mime-types
      xml-simple
    builder (3.0.0)
    configliere (0.4.7)
      json
    git (1.2.5)
    jeweler (1.6.4)
      bundler (~> 1.0)
      git (>= 1.2.5)
      rake
    json (1.5.3)
    mime-types (1.16)
    rake (0.9.2)
    rcov (0.9.10)
    rio (0.4.2)
    shoulda (2.11.3)
    xml-simple (1.0.12)

PLATFORMS
  ruby

DEPENDENCIES
  activesupport (~> 3.0)
  aws-s3
  bundler (~> 1.0.0)
  configliere
  jeweler (~> 1.6.4)
  rcov
  rio
  shoulda
