GEM
  remote: http://rubygems.org/
  specs:
    activesupport (3.0.10)
    configliere (0.4.7)
      json
    git (1.2.5)
    jeweler (1.6.4)
      bundler (~> 1.0)
      git (>= 1.2.5)
      rake
    json (1.5.3)
    rake (0.9.2)
    rcov (0.9.10)
    rio (0.4.2)
    shoulda (2.11.3)

PLATFORMS
  ruby

DEPENDENCIES
  activesupport (~> 3.0)
  bundler (~> 1.0.0)
  configliere
  jeweler (~> 1.6.4)
  rcov
  rio
  shoulda
